GEM
  remote: https://rubygems.org/
  specs:
    coderay (1.1.3)
    concurrent-ruby (1.2.2)
    daemons (1.4.1)
    dotenv (2.8.1)
    dry-core (1.0.0)
      concurrent-ruby (~> 1.0)
      zeitwerk (~> 2.6)
    dry-inflector (1.0.0)
    dry-logic (1.5.0)
      concurrent-ruby (~> 1.0)
      dry-core (~> 1.0, < 2)
      zeitwerk (~> 2.6)
    dry-struct (1.6.0)
      dry-core (~> 1.0, < 2)
      dry-types (>= 1.7, < 2)
      ice_nine (~> 0.11)
      zeitwerk (~> 2.6)
    dry-types (1.7.1)
      concurrent-ruby (~> 1.0)
      dry-core (~> 1.0)
      dry-inflector (~> 1.0)
      dry-logic (~> 1.4)
      zeitwerk (~> 2.6)
    et-orbi (1.2.7)
      tzinfo
    eventmachine (1.2.7)
    faraday (2.7.4)
      faraday-net_http (>= 2.0, < 3.1)
      ruby2_keywords (>= 0.0.4)
    faraday-multipart (1.0.4)
      multipart-post (~> 2)
    faraday-net_http (3.0.2)
    fugit (1.8.1)
      et-orbi (~> 1, >= 1.2.7)
      raabro (~> 1.4)
    ice_nine (0.11.2)
    json (2.6.3)
    kgio (2.11.4)
    method_source (1.0.0)
    mono_logger (1.1.1)
    multi_json (1.15.0)
    multipart-post (2.3.0)
    mustermann (3.0.0)
      ruby2_keywords (~> 0.0.1)
    net-http (0.3.2)
      uri
    nio4r (2.5.8)
    passenger (6.0.17)
      rack
      rake (>= 0.8.1)
    pry (0.14.2)
      coderay (~> 1.1)
      method_source (~> 1.0)
    puma (6.1.1)
      nio4r (~> 2.0)
    raabro (1.4.0)
    rack (2.2.6.4)
    rack-protection (3.0.5)
      rack
    raindrops (0.20.1)
    rake (13.0.6)
    redis (4.8.1)
    redis-namespace (1.10.0)
      redis (>= 4)
    resque (2.5.0)
      mono_logger (~> 1.0)
      multi_json (~> 1.0)
      redis-namespace (~> 1.6)
      sinatra (>= 0.9.2)
    resque-retry (1.7.6)
      resque (>= 1.25, < 3.0)
      resque-scheduler (~> 4.0)
    resque-scheduler (4.8.0)
      mono_logger (~> 1.0)
      redis (>= 3.3)
      resque (>= 1.27)
      rufus-scheduler (~> 3.2, != 3.3)
    ruby2_keywords (0.0.5)
    rufus-scheduler (3.8.2)
      fugit (~> 1.1, >= 1.1.6)
    sinatra (3.0.5)
      mustermann (~> 3.0)
      rack (~> 2.2, >= 2.2.4)
      rack-protection (= 3.0.5)
      tilt (~> 2.0)
    telegram-bot-ruby (1.0.0)
      dry-struct (~> 1.6)
      faraday (~> 2.0)
      faraday-multipart (~> 1.0)
      zeitwerk (~> 2.6)
    thin (1.8.1)
      daemons (~> 1.0, >= 1.0.9)
      eventmachine (~> 1.0, >= 1.0.4)
      rack (>= 1, < 3)
    tilt (2.1.0)
    tzinfo (2.0.6)
      concurrent-ruby (~> 1.0)
    unicorn (6.1.0)
      kgio (~> 2.6)
      raindrops (~> 0.7)
    uri (0.12.1)
    zeitwerk (2.6.7)

PLATFORMS
  x86_64-linux

DEPENDENCIES
  dotenv
  json (~> 2.6, >= 2.6.3)
  net-http
  passenger (>= 5.0.11)
  pry
  puma
  redis (~> 4.8.0)
  resque-retry (~> 1.7.5)
  rufus-scheduler
  sinatra
  telegram-bot-ruby
  thin
  unicorn

RUBY VERSION
   ruby 3.2.1p31

BUNDLED WITH
   2.4.9
